GIT
  remote: git://github.com/brighton36/phidgets_native.git
  revision: fea03ac4b5a8aa69d157687ff0944627f82ed197
  specs:
    phidgets_native (0.2.1)

GEM
  remote: https://rubygems.org/
  specs:
    addressable (2.3.2)
    diff-lcs (1.1.3)
    em-websocket (0.3.8)
      addressable (>= 2.1.1)
      eventmachine (>= 0.12.9)
    eventmachine (1.0.0)
    rspec (2.12.0)
      rspec-core (~> 2.12.0)
      rspec-expectations (~> 2.12.0)
      rspec-mocks (~> 2.12.0)
    rspec-core (2.12.2)
    rspec-expectations (2.12.1)
      diff-lcs (~> 1.1.3)
    rspec-mocks (2.12.1)
    rusage (0.2.0)
    vmstat (2.0.0)

PLATFORMS
  ruby

DEPENDENCIES
  em-websocket
  phidgets_native!
  rspec
  rusage
  vmstat
